PATH
  remote: .
  specs:
    binocular-language-detector (0.1.0)
      charlock_holmes (~> 0.7.7)
      concurrent-ruby (~> 1.1.6)
      escape_utils (~> 1.2.0)
      github-linguist (~> 7.12.2)
      grpc (~> 1.28.0)
      grpc-tools (~> 1.28.0)
      hash-deep-merge (~> 0.1.1)
      mini_mime (~> 1.0)
      rugged (~> 0.25.1)

GEM
  remote: https://rubygems.org/
  specs:
    charlock_holmes (0.7.7)
    color-proximity (0.2.1)
      color_difference (~> 0.0.1)
    color_difference (0.0.1)
    concurrent-ruby (1.1.6)
    escape_utils (1.2.1)
    github-linguist (7.12.2)
      charlock_holmes (~> 0.7.7)
      escape_utils (~> 1.2.0)
      mini_mime (~> 1.0)
      rugged (>= 0.25.1)
    google-protobuf (3.12.2)
    google-protobuf (3.12.2-x64-mingw32)
    googleapis-common-protos-types (1.0.5)
      google-protobuf (~> 3.11)
    grpc (1.28.0)
      google-protobuf (~> 3.11)
      googleapis-common-protos-types (~> 1.0)
    grpc (1.28.0-x64-mingw32)
      google-protobuf (~> 3.11)
      googleapis-common-protos-types (~> 1.0)
    grpc-tools (1.28.0)
    hash-deep-merge (0.1.1)
    mini_mime (1.0.2)
    minitest (5.14.1)
    rake (13.0.1)
    rugged (0.25.1.1)

PLATFORMS
  ruby
  x64-mingw32

DEPENDENCIES
  binocular-language-detector!
  bundler (~> 2.1.4)
  color-proximity (~> 0.2.1)
  minitest (~> 5.0)
  rake (~> 13.0.1)

BUNDLED WITH
   2.1.4
